PATH
  remote: .
  specs:
    api_pi (0.9.3)
      map (~> 6.6)

GEM
  remote: https://rubygems.org/
  specs:
    addressable (2.8.7)
      public_suffix (>= 2.0.2, < 7.0)
    bigdecimal (3.1.8)
    crack (1.0.0)
      bigdecimal
      rexml
    docile (1.4.0)
    hashdiff (1.1.0)
    map (6.6.0)
    minitest (5.24.1)
    public_suffix (6.0.0)
    rake (13.2.1)
    rexml (3.3.1)
      strscan
    simplecov (0.22.0)
      docile (~> 1.1)
      simplecov-html (~> 0.11)
      simplecov_json_formatter (~> 0.1)
    simplecov-html (0.12.3)
    simplecov_json_formatter (0.1.4)
    strscan (3.1.0)
    webmock (3.23.1)
      addressable (>= 2.8.0)
      crack (>= 0.3.2)
      hashdiff (>= 0.4.0, < 2.0.0)

PLATFORMS
  ruby
  x86_64-darwin-21

DEPENDENCIES
  api_pi!
  minitest (~> 5.24.1)
  rake (~> 13.2.1)
  simplecov (~> 0.22.0)
  webmock (~> 3.23.1)

BUNDLED WITH
   2.5.15
