PATH
  remote: .
  specs:
    api_pi (0.9)
      map (~> 6.6)

GEM
  remote: https://rubygems.org/
  specs:
    addressable (2.8.7)
      public_suffix (>= 2.0.2, < 7.0)
    bigdecimal (3.1.8)
    crack (1.0.0)
      bigdecimal
      rexml
    hashdiff (1.1.0)
    map (6.6.0)
    minitest (5.8.5)
    public_suffix (5.1.1)
    rake (13.0.6)
    rexml (3.3.1)
      strscan
    strscan (3.1.0)
    webmock (3.7.6)
      addressable (>= 2.3.6)
      crack (>= 0.3.2)
      hashdiff (>= 0.4.0, < 2.0.0)

PLATFORMS
  ruby

DEPENDENCIES
  api_pi!
  minitest (~> 5.8.4)
  rake (~> 13.0.0)
  webmock (~> 3.7.6)

BUNDLED WITH
   1.17.2
